PATH
  remote: .
  specs:
    low (0.0.15)
      bson_ext (~> 1.8.2)
      mongo (~> 1.8.2)
      rack (~> 1.4.1)

GEM
  remote: https://rubygems.org/
  specs:
    bson (1.8.2)
    bson_ext (1.8.2)
      bson (~> 1.8.2)
    diff-lcs (1.1.3)
    mongo (1.8.2)
      bson (~> 1.8.2)
    rack (1.4.4)
    rack-test (0.6.2)
      rack (>= 1.0)
    rspec (2.12.0)
      rspec-core (~> 2.12.0)
      rspec-expectations (~> 2.12.0)
      rspec-mocks (~> 2.12.0)
    rspec-core (2.12.2)
    rspec-expectations (2.12.1)
      diff-lcs (~> 1.1.3)
    rspec-mocks (2.12.2)

PLATFORMS
  ruby

DEPENDENCIES
  low!
  rack-test (~> 0.6.2)
  rspec (~> 2.12.0)
