PATH
  remote: .
  specs:
    low (0.0.2)
      rack

GEM
  remote: https://rubygems.org/
  specs:
    bson (1.6.4)
    bson_ext (1.6.4)
      bson (~> 1.6.4)
    diff-lcs (1.1.3)
    mongo (1.6.4)
      bson (~> 1.6.4)
    rack (1.4.1)
    rack-test (0.6.1)
      rack (>= 1.0)
    rspec (2.10.0)
      rspec-core (~> 2.10.0)
      rspec-expectations (~> 2.10.0)
      rspec-mocks (~> 2.10.0)
    rspec-core (2.10.1)
    rspec-expectations (2.10.0)
      diff-lcs (~> 1.1.3)
    rspec-mocks (2.10.1)

PLATFORMS
  ruby

DEPENDENCIES
  bson_ext
  low!
  mongo
  rack-test
  rspec
